GEM
  remote: https://rubygems.org/
  specs:
    titlecase (0.1.1)

PLATFORMS
  ruby

DEPENDENCIES
  titlecase

BUNDLED WITH
   1.16.3
